GEM
  specs:
    minitest (5.15.0)
    rake (13.0.6)

GEM
  remote: https://rubygems.pkg.github.com/shounaka/
  specs:
    shounak-build (1.0.7)
      minitest (~> 5.0)
      rake (~> 13.0)

PLATFORMS
  x86_64-linux

DEPENDENCIES
  shounak-build (~> 1.0)!

BUNDLED WITH
   2.3.0
